GEM
  remote: http://rubygems.org/
  specs:
    HeSYINUvSBZfxqA-veewee (0.203.3)
      cucumber (>= 1.0.0)
      highline (~> 1.6.1)
      net-ssh (>= 2.1.0)
      popen4 (~> 0.1.2)
      progressbar
      rspec (~> 2.5)
      thor (~> 0.14.6)
      vagrant (>= 0.9.0)
      virtualbox (>= 0.9.2)
    Platform (0.4.0)
    archive-tar-minitar (0.5.2)
    builder (3.0.0)
    childprocess (0.3.2)
      ffi (~> 1.0.6)
    cucumber (1.2.0)
      builder (>= 2.1.2)
      diff-lcs (>= 1.1.3)
      gherkin (~> 2.10.0)
      json (>= 1.4.6)
    diff-lcs (1.1.3)
    erubis (2.7.0)
    fast_xs (0.8.0)
    ffi (1.0.11)
    foreman (0.46.0)
      thor (>= 0.13.6)
    gherkin (2.10.0)
      json (>= 1.4.6)
    highline (1.6.12)
    hike (1.2.1)
    i18n (0.6.0)
    json (1.5.4)
    log4r (1.1.10)
    marathon (0.0.3)
    microwave (0.1006.19)
      erubis
      fast_xs
      hike
      json (>= 1.4.4, <= 1.5.4)
      mixlib-cli (>= 1.1.0)
      mixlib-config (>= 1.1.2)
      mixlib-log (>= 1.3.0)
      moneta
      sdoc
      surface
      uuidtools
    mixlib-cli (1.2.2)
    mixlib-config (1.1.2)
    mixlib-log (1.3.0)
    moneta (0.6.0)
    net-scp (1.0.4)
      net-ssh (>= 1.99.1)
    net-ssh (2.2.2)
    open4 (1.3.0)
    popen4 (0.1.2)
      Platform (>= 0.4.0)
      open4 (>= 0.4.0)
    progressbar (0.11.0)
    rdoc (3.12)
      json (~> 1.4)
    rspec (2.10.0)
      rspec-core (~> 2.10.0)
      rspec-expectations (~> 2.10.0)
      rspec-mocks (~> 2.10.0)
    rspec-core (2.10.0)
    rspec-expectations (2.10.0)
      diff-lcs (~> 1.1.3)
    rspec-mocks (2.10.1)
    sdoc (0.3.16)
      json (>= 1.1.3)
      rdoc (~> 3.10)
    surface (0.0.5)
      marathon
    thor (0.14.6)
    uuidtools (2.1.2)
    vagrant (1.0.3)
      archive-tar-minitar (= 0.5.2)
      childprocess (~> 0.3.1)
      erubis (~> 2.7.0)
      i18n (~> 0.6.0)
      json (~> 1.5.1)
      log4r (~> 1.1.9)
      net-scp (~> 1.0.4)
      net-ssh (~> 2.2.2)
    virtualbox (0.9.2)
      ffi (~> 1.0.9)

PLATFORMS
  ruby

DEPENDENCIES
  HeSYINUvSBZfxqA-veewee
  foreman
  microwave
  vagrant
